GEM
  remote: http://rubygems.org/
  specs:
    i18n (0.4.2)

PLATFORMS
  ruby

DEPENDENCIES
  i18n (= 0.4.2)
